GEM
  remote: https://rubygems.org/
  specs:
    colorized (0.0.0)

PLATFORMS
  ruby

DEPENDENCIES
  colorized

RUBY VERSION
   ruby 2.7.1p83

BUNDLED WITH
   2.1.4
